{
	"Modality": "MR",
	"MagneticFieldStrength": 7,
	"ImagingFrequency": 296.936,
	"Manufacturer": "Siemens",
	"ManufacturersModelName": "Investigational_Device_7T",
	"InstitutionName": "USC Neuroimaging",
	"DeviceSerialNumber": "4r5jwirZJCwI",
	"BodyPartExamined": "BRAIN",
	"PatientPosition": "HFS",
	"SoftwareVersions": "syngo MR E12",
	"MRAcquisitionType": "2D",
	"SeriesDescription": "TR3000_TE60SpinEchoFieldMap_AP_CMRR",
	"ProtocolName": "TR3000_TE60SpinEchoFieldMap_AP_CMRR",
	"ScanningSequence": "EP",
	"SequenceVariant": "SK",
	"ScanOptions": "PFP",
	"SequenceName": "epse2d1_96",
	"ImageType": ["ORIGINAL", "PRIMARY", "M", "MB", "ND", "MOSAIC"],
	"SeriesNumber": 10,
	"AcquisitionTime": "12:40:4.930000",
	"AcquisitionNumber": 1,
	"SliceThickness": 1.5,
	"SpacingBetweenSlices": 1.5,
	"SAR": 0.0714616,
	"EchoTime": 0.06,
	"RepetitionTime": 3,
	"FlipAngle": 90,
	"PartialFourier": 0.875,
	"BaseResolution": 96,
	"ShimSetting": [
		177,
		-126,
		613,
		-6,
		99,
		-213,
		431,
		-26	],
	"TxRefAmp": 247.773,
	"PhaseResolution": 1,
	"ReceiveCoilName": "8Tx32Rx_Head",
	"PulseSequenceDetails": "%CustomerSeq%\\cmrr_mbep2d_se",
	"WipMemBlock": "e295a7df-55df-4729-825c-aa5a388b5d59||Sequence: R016 ve12u/SP01_R016a r/af3652dd; Apr  1 2021 14:29:52 by eja",
	"RefLinesPE": 24,
	"ConsistencyInfo": "N4_VE12U_LATEST_20181126",
	"MultibandAccelerationFactor": 5,
	"PercentPhaseFOV": 100,
	"PercentSampling": 100,
	"EchoTrainLength": 41,
	"PhaseEncodingSteps": 83,
	"AcquisitionMatrixPE": 96,
	"ReconMatrixPE": 96,
	"BandwidthPerPixelPhaseEncode": 32.552,
	"ParallelReductionFactorInPlane": 2,
	"EffectiveEchoSpacing": 0.000320001,
	"DerivedVendorReportedEchoSpacing": 0.000640002,
	"TotalReadoutTime": 0.0304001,
	"PixelBandwidth": 1930,
	"DwellTime": 2.7e-06,
	"PhaseEncodingDirection": "j-",
	"SliceTiming": [
		0,
		0.6425,
		1.285,
		1.93,
		2.5725,
		0.215,
		0.8575,
		1.5,
		2.1425,
		2.785,
		0.43,
		1.0725,
		1.715,
		2.3575,
		0,
		0.6425,
		1.285,
		1.93,
		2.5725,
		0.215,
		0.8575,
		1.5,
		2.1425,
		2.785,
		0.43,
		1.0725,
		1.715,
		2.3575,
		0,
		0.6425,
		1.285,
		1.93,
		2.5725,
		0.215,
		0.8575,
		1.5,
		2.1425,
		2.785,
		0.43,
		1.0725,
		1.715,
		2.3575,
		0,
		0.6425,
		1.285,
		1.93,
		2.5725,
		0.215,
		0.8575,
		1.5,
		2.1425,
		2.785,
		0.43,
		1.0725,
		1.715,
		2.3575,
		0,
		0.6425,
		1.285,
		1.93,
		2.5725,
		0.215,
		0.8575,
		1.5,
		2.1425,
		2.785,
		0.43,
		1.0725,
		1.715,
		2.3575	],
	"ImageOrientationPatientDICOM": [
		1,
		0,
		0,
		0,
		1,
		0	],
	"InPlanePhaseEncodingDirectionDICOM": "COL",
	"ConversionSoftware": "dcm2niix",
	"ConversionSoftwareVersion": "v1.0.20210317"
}
