{
    "Modality": "MR",
    "MagneticFieldStrength": 7,
    "ImagingFrequency": 297.048,
    "Manufacturer": "Siemens",
    "ManufacturersModelName": "Investigational_Device_7T",
    "InstitutionName": "USC_Neuroimaging",
    "InstitutionalDepartmentName": "Department",
    "InstitutionAddress": "Zonal_Ave_2025_Los_Angeles_Los_Angeles_US_90033",
    "DeviceSerialNumber": "79004",
    "StationName": "AWP79004",
    "BodyPartExamined": "BRAIN",
    "PatientPosition": "HFS",
    "ProcedureStepDescription": "MRS_Rizor_UCSB_Final",
    "SoftwareVersions": "syngo_MR_E12",
    "MRAcquisitionType": "2D",
    "SeriesDescription": "ep2d_bold_1.5mm_MB4_HCP_AP_CMRR_3TE_1.5mm",
    "ProtocolName": "ep2d_bold_1.5mm_MB4_HCP_AP_CMRR_3TE_1.5mm",
    "ScanningSequence": "EP",
    "SequenceVariant": "SK_SS",
    "ScanOptions": "FS_EXT",
    "SequenceName": "epfid2d3_102",
    "ImageType": [
        "ORIGINAL",
        "PRIMARY",
        "M",
        "MB",
        "TE2",
        "ND",
        "MOSAIC"
    ],
    "SeriesNumber": 6,
    "AcquisitionTime": "13:18:11.187500",
    "AcquisitionNumber": 1,
    "ImageComments": "Unaliased_MB4_PE4_LB",
    "SliceThickness": 1.5,
    "SpacingBetweenSlices": 1.5,
    "SAR": 0.11059,
    "EchoNumber": 2,
    "EchoTime": 0.03387,
    "RepetitionTime": 2.1,
    "FlipAngle": 70,
    "PartialFourier": 1,
    "BaseResolution": 100,
    "ShimSetting": [
        111,
        -80,
        650,
        102,
        338,
        78,
        206,
        16
    ],
    "TxRefAmp": 265.844,
    "PhaseResolution": 1,
    "ReceiveCoilName": "8Tx32Rx_Head",
    "CoilString": "AC",
    "PulseSequenceDetails": "%CustomerSeq%_cmrr_mbep2d_bold",
    "WipMemBlock": "cb5d3e2a-81dd-4997-9958-b71eb9362ff5||Sequence: R016 ve12u/SP01_R016a r/af3652dd; Apr  1 2021 14:05:17 by eja",
    "RefLinesPE": 42,
    "ConsistencyInfo": "N4_VE12U_LATEST_20181126",
    "MultibandAccelerationFactor": 4,
    "PercentPhaseFOV": 102,
    "PercentSampling": 100,
    "EchoTrainLength": 33,
    "PhaseEncodingSteps": 100,
    "AcquisitionMatrixPE": 102,
    "ReconMatrixPE": 102,
    "BandwidthPerPixelPhaseEncode": 55.494,
    "ParallelReductionFactorInPlane": 3,
    "EffectiveEchoSpacing": 0.000176666,
    "DerivedVendorReportedEchoSpacing": 0.000529999,
    "TotalReadoutTime": 0.0178433,
    "PixelBandwidth": 2380,
    "DwellTime": 2.1e-06,
    "PhaseEncodingDirection": "j",
    "SliceTiming": [
        0,
        1.0925,
        0.0825,
        1.175,
        0.1675,
        1.26,
        0.2525,
        1.3425,
        0.335,
        1.4275,
        0.42,
        1.5125,
        0.5025,
        1.595,
        0.5875,
        1.68,
        0.6725,
        1.7625,
        0.755,
        1.8475,
        0.84,
        1.9325,
        0.9225,
        2.015,
        1.0075,
        0,
        1.0925,
        0.0825,
        1.175,
        0.1675,
        1.26,
        0.2525,
        1.3425,
        0.335,
        1.4275,
        0.42,
        1.5125,
        0.5025,
        1.595,
        0.5875,
        1.68,
        0.6725,
        1.7625,
        0.755,
        1.8475,
        0.84,
        1.9325,
        0.9225,
        2.015,
        1.0075,
        0,
        1.0925,
        0.0825,
        1.175,
        0.1675,
        1.26,
        0.2525,
        1.3425,
        0.335,
        1.4275,
        0.42,
        1.5125,
        0.5025,
        1.595,
        0.5875,
        1.68,
        0.6725,
        1.7625,
        0.755,
        1.8475,
        0.84,
        1.9325,
        0.9225,
        2.015,
        1.0075,
        0,
        1.0925,
        0.0825,
        1.175,
        0.1675,
        1.26,
        0.2525,
        1.3425,
        0.335,
        1.4275,
        0.42,
        1.5125,
        0.5025,
        1.595,
        0.5875,
        1.68,
        0.6725,
        1.7625,
        0.755,
        1.8475,
        0.84,
        1.9325,
        0.9225,
        2.015,
        1.0075
    ],
    "ImageOrientationPatientDICOM": [
        1,
        0,
        0,
        0,
        1,
        0
    ],
    "InPlanePhaseEncodingDirectionDICOM": "COL",
    "ConversionSoftware": "dcm2niix",
    "ConversionSoftwareVersion": "v1.0.20200331",
    "TaskName": "highresFC"
}