{
	"Modality": "MR",
	"MagneticFieldStrength": 7,
	"ImagingFrequency": 296.935,
	"Manufacturer": "Siemens",
	"ManufacturersModelName": "Investigational_Device_7T",
	"InstitutionName": "USC Neuroimaging",
	"DeviceSerialNumber": "4r5jwirZJCwI",
	"BodyPartExamined": "BRAIN",
	"PatientPosition": "HFS",
	"SoftwareVersions": "syngo MR E12",
	"MRAcquisitionType": "2D",
	"SeriesDescription": "TR3000_TE60SpinEchoFieldMap_AP_CMRR",
	"ProtocolName": "TR3000_TE60SpinEchoFieldMap_AP_CMRR",
	"ScanningSequence": "EP",
	"SequenceVariant": "SK",
	"ScanOptions": "PFP",
	"SequenceName": "epse2d1_96",
	"ImageType": ["ORIGINAL", "PRIMARY", "M", "MB", "ND", "MOSAIC"],
	"SeriesNumber": 14,
	"AcquisitionTime": "11:27:39.535000",
	"AcquisitionNumber": 1,
	"SliceThickness": 1.5,
	"SpacingBetweenSlices": 1.5,
	"SAR": 0.0576418,
	"EchoTime": 0.06,
	"RepetitionTime": 3,
	"FlipAngle": 90,
	"PartialFourier": 0.875,
	"BaseResolution": 96,
	"ShimSetting": [
		145,
		1,
		820,
		698,
		-89,
		384,
		452,
		-70	],
	"TxRefAmp": 259.941,
	"PhaseResolution": 1,
	"ReceiveCoilName": "8Tx32Rx_Head",
	"PulseSequenceDetails": "%CustomerSeq%\\cmrr_mbep2d_se",
	"WipMemBlock": "679205df-36cd-4b46-b615-0427e42a8c45||Sequence: R016 ve12u/SP01_R016a r/af3652dd; Apr  1 2021 14:29:52 by eja",
	"RefLinesPE": 24,
	"ConsistencyInfo": "N4_VE12U_LATEST_20181126",
	"MultibandAccelerationFactor": 5,
	"PercentPhaseFOV": 100,
	"PercentSampling": 100,
	"EchoTrainLength": 41,
	"PhaseEncodingSteps": 83,
	"AcquisitionMatrixPE": 96,
	"ReconMatrixPE": 96,
	"BandwidthPerPixelPhaseEncode": 32.552,
	"ParallelReductionFactorInPlane": 2,
	"EffectiveEchoSpacing": 0.000320001,
	"DerivedVendorReportedEchoSpacing": 0.000640002,
	"TotalReadoutTime": 0.0304001,
	"PixelBandwidth": 1930,
	"DwellTime": 2.7e-06,
	"PhaseEncodingDirection": "j-",
	"SliceTiming": [
		0,
		0.6425,
		1.285,
		1.9275,
		2.57,
		0.2125,
		0.855,
		1.5,
		2.1425,
		2.785,
		0.4275,
		1.07,
		1.7125,
		2.355,
		0,
		0.6425,
		1.285,
		1.9275,
		2.57,
		0.2125,
		0.855,
		1.5,
		2.1425,
		2.785,
		0.4275,
		1.07,
		1.7125,
		2.355,
		0,
		0.6425,
		1.285,
		1.9275,
		2.57,
		0.2125,
		0.855,
		1.5,
		2.1425,
		2.785,
		0.4275,
		1.07,
		1.7125,
		2.355,
		0,
		0.6425,
		1.285,
		1.9275,
		2.57,
		0.2125,
		0.855,
		1.5,
		2.1425,
		2.785,
		0.4275,
		1.07,
		1.7125,
		2.355,
		0,
		0.6425,
		1.285,
		1.9275,
		2.57,
		0.2125,
		0.855,
		1.5,
		2.1425,
		2.785,
		0.4275,
		1.07,
		1.7125,
		2.355	],
	"ImageOrientationPatientDICOM": [
		1,
		0,
		0,
		0,
		0.964095,
		-0.265556	],
	"InPlanePhaseEncodingDirectionDICOM": "COL",
	"ConversionSoftware": "dcm2niix",
	"ConversionSoftwareVersion": "v1.0.20210317"
}
