{
	"Modality": "MR",
	"MagneticFieldStrength": 7,
	"ImagingFrequency": 296.936,
	"Manufacturer": "Siemens",
	"ManufacturersModelName": "Investigational_Device_7T",
	"InstitutionName": "USC Neuroimaging",
	"DeviceSerialNumber": "4r5jwirZJCwI",
	"BodyPartExamined": "BRAIN",
	"PatientPosition": "HFS",
	"SoftwareVersions": "syngo MR E12",
	"MRAcquisitionType": "2D",
	"SeriesDescription": "ep2d_bold_1.5mm_MB4_HCP_AP_CMRR_3TE_1.5mm_SBRef",
	"ProtocolName": "ep2d_bold_1.5mm_MB4_HCP_AP_CMRR_3TE_1.5mm",
	"ScanningSequence": "EP",
	"SequenceVariant": "SK\\SS",
	"ScanOptions": "FS\\EXT",
	"SequenceName": "epfid2d3_102",
	"ImageType": ["ORIGINAL", "PRIMARY", "M", "TE1", "ND", "MOSAIC"],
	"SeriesNumber": 5,
	"AcquisitionTime": "11:10:40.442500",
	"AcquisitionNumber": 1,
	"SliceThickness": 1.5,
	"SpacingBetweenSlices": 1.5,
	"SAR": 0.0985997,
	"EchoNumber": 1,
	"EchoTime": 0.0152,
	"RepetitionTime": 2.1,
	"FlipAngle": 70,
	"PartialFourier": 1,
	"BaseResolution": 100,
	"ShimSetting": [
		153,
		21,
		638,
		338,
		-171,
		81,
		165,
		-33	],
	"TxRefAmp": 259.941,
	"PhaseResolution": 1,
	"ReceiveCoilName": "8Tx32Rx_Head",
	"PulseSequenceDetails": "%CustomerSeq%\\cmrr_mbep2d_bold",
	"WipMemBlock": "dec527a1-0ae0-4573-89e4-26e1e1f6906c||Sequence: R016 ve12u/SP01_R016a r/af3652dd; Apr  1 2021 14:05:17 by eja",
	"RefLinesPE": 42,
	"ConsistencyInfo": "N4_VE12U_LATEST_20181126",
	"PercentPhaseFOV": 102,
	"PercentSampling": 100,
	"EchoTrainLength": 33,
	"PhaseEncodingSteps": 100,
	"AcquisitionMatrixPE": 102,
	"ReconMatrixPE": 102,
	"BandwidthPerPixelPhaseEncode": 54.466,
	"ParallelReductionFactorInPlane": 3,
	"EffectiveEchoSpacing": 0.000180001,
	"DerivedVendorReportedEchoSpacing": 0.000540002,
	"TotalReadoutTime": 0.0181801,
	"PixelBandwidth": 2380,
	"DwellTime": 2.1e-06,
	"PhaseEncodingDirection": "j",
	"SliceTiming": [
		0,
		0.1,
		0.2,
		0.3,
		0.4,
		0.5,
		0.6,
		0.7,
		0.8,
		0.9,
		1,
		1.1,
		1.2,
		1.3,
		1.4,
		1.5,
		1.6,
		1.7,
		1.8,
		1.9,
		2,
		2.1,
		2.2,
		2.3,
		2.4,
		2.5,
		2.6,
		2.7,
		2.8,
		2.9,
		3,
		3.1,
		3.2,
		3.3,
		3.4,
		3.5,
		3.6,
		3.7,
		3.8,
		3.9,
		4,
		4.1,
		4.2,
		4.3,
		4.4,
		4.5,
		4.6,
		4.7,
		4.8,
		4.9,
		5,
		5.1,
		5.2,
		5.3,
		5.4,
		5.5,
		5.6,
		5.7,
		5.8,
		5.9,
		6,
		6.1,
		6.2,
		6.3,
		6.4,
		6.5,
		6.6,
		6.7,
		6.8,
		6.9,
		7,
		7.1,
		7.2,
		7.3,
		7.4,
		7.5,
		7.6,
		7.7,
		7.8,
		7.9,
		8,
		8.1,
		8.2,
		8.3	],
	"ImageOrientationPatientDICOM": [
		1,
		0,
		0,
		0,
		0.964095,
		-0.265556	],
	"InPlanePhaseEncodingDirectionDICOM": "COL",
	"ConversionSoftware": "dcm2niix",
	"ConversionSoftwareVersion": "v1.0.20210317"
}
