{
	"Modality": "MR",
	"MagneticFieldStrength": 7,
	"ImagingFrequency": 297.048,
	"Manufacturer": "Siemens",
	"ManufacturersModelName": "Investigational_Device_7T",
	"InstitutionName": "USC_Neuroimaging",
	"InstitutionalDepartmentName": "Department",
	"InstitutionAddress": "Zonal_Ave_2025_Los_Angeles_Los_Angeles_US_90033",
	"DeviceSerialNumber": "79004",
	"StationName": "AWP79004",
	"BodyPartExamined": "BRAIN",
	"PatientPosition": "HFS",
	"ProcedureStepDescription": "MRS_Rizor_UCSB_Final",
	"SoftwareVersions": "syngo_MR_E12",
	"MRAcquisitionType": "2D",
	"SeriesDescription": "TR3000_TE60SpinEchoFieldMap_PA_CMRR",
	"ProtocolName": "TR3000_TE60SpinEchoFieldMap_PA_CMRR",
	"ScanningSequence": "EP",
	"SequenceVariant": "SK",
	"ScanOptions": "PFP",
	"SequenceName": "epse2d1_96",
	"ImageType": ["ORIGINAL", "PRIMARY", "M", "MB", "ND", "MOSAIC"],
	"SeriesNumber": 12,
	"AcquisitionTime": "12:10:45.307500",
	"AcquisitionNumber": 1,
	"ImageComments": "Unaliased_MB5_PE4_LB",
	"SliceThickness": 1.5,
	"SpacingBetweenSlices": 1.5,
	"SAR": 0.0732638,
	"EchoTime": 0.06,
	"RepetitionTime": 3,
	"FlipAngle": 90,
	"PartialFourier": 0.875,
	"BaseResolution": 96,
	"ShimSetting": [
		182,
		-100,
		746,
		360,
		213,
		436,
		698,
		42	],
	"TxRefAmp": 234.582,
	"PhaseResolution": 1,
	"ReceiveCoilName": "8Tx32Rx_Head",
	"CoilString": "AC",
	"PulseSequenceDetails": "%CustomerSeq%_cmrr_mbep2d_se",
	"WipMemBlock": "2697a60a-6589-4e16-ae6a-04ed1b57147c||Sequence: R016 ve12u/SP01_R016a r/af3652dd; Apr  1 2021 14:29:52 by eja",
	"RefLinesPE": 24,
	"ConsistencyInfo": "N4_VE12U_LATEST_20181126",
	"MultibandAccelerationFactor": 5,
	"PercentPhaseFOV": 100,
	"PercentSampling": 100,
	"EchoTrainLength": 41,
	"PhaseEncodingSteps": 83,
	"AcquisitionMatrixPE": 96,
	"ReconMatrixPE": 96,
	"BandwidthPerPixelPhaseEncode": 32.552,
	"ParallelReductionFactorInPlane": 2,
	"EffectiveEchoSpacing": 0.000320001,
	"DerivedVendorReportedEchoSpacing": 0.000640002,
	"TotalReadoutTime": 0.0304001,
	"PixelBandwidth": 1930,
	"DwellTime": 2.7e-06,
	"PhaseEncodingDirection": "j-",
	"SliceTiming": [
		0,
		2.1675,
		1.3325,
		0.5,
		2.6675,
		1.8325,
		1,
		0.1675,
		2.3325,
		1.5,
		0.6675,
		2.8325,
		2,
		1.1675,
		0.3325,
		2.5,
		1.6675,
		0.8325,
		0,
		2.1675,
		1.3325,
		0.5,
		2.6675,
		1.8325,
		1,
		0.1675,
		2.3325,
		1.5,
		0.6675,
		2.8325,
		2,
		1.1675,
		0.3325,
		2.5,
		1.6675,
		0.8325,
		0,
		2.1675,
		1.3325,
		0.5,
		2.6675,
		1.8325,
		1,
		0.1675,
		2.3325,
		1.5,
		0.6675,
		2.8325,
		2,
		1.1675,
		0.3325,
		2.5,
		1.6675,
		0.8325,
		0,
		2.1675,
		1.3325,
		0.5,
		2.6675,
		1.8325,
		1,
		0.1675,
		2.3325,
		1.5,
		0.6675,
		2.8325,
		2,
		1.1675,
		0.3325,
		2.5,
		1.6675,
		0.8325,
		0,
		2.1675,
		1.3325,
		0.5,
		2.6675,
		1.8325,
		1,
		0.1675,
		2.3325,
		1.5,
		0.6675,
		2.8325,
		2,
		1.1675,
		0.3325,
		2.5,
		1.6675,
		0.8325	],
	"ImageOrientationPatientDICOM": [
		1,
		0,
		0,
		0,
		0.995562,
		-0.0941083	],
	"InPlanePhaseEncodingDirectionDICOM": "COL",
	"ConversionSoftware": "dcm2niix",
	"ConversionSoftwareVersion": "v1.0.20200331"
}
