{
	"Modality": "MR",
	"MagneticFieldStrength": 7,
	"ImagingFrequency": 296.965,
	"Manufacturer": "Siemens",
	"ManufacturersModelName": "Investigational_Device_7T",
	"InstitutionName": "USC Neuroimaging",
	"InstitutionalDepartmentName": "Department",
	"InstitutionAddress": "Zonal Ave 2025,Los Angeles,Los Angeles,US,90033",
	"DeviceSerialNumber": "79004",
	"StationName": "AWP79004",
	"BodyPartExamined": "BRAIN",
	"PatientPosition": "HFS",
	"ProcedureStepDescription": "MRS^Rizor_UCSB_Final",
	"SoftwareVersions": "syngo MR E12",
	"MRAcquisitionType": "2D",
	"SeriesDescription": "ep2d_bold_1.5mm_MB4_HCP_AP_CMRR_3TE_1.5mm_SBRef",
	"ProtocolName": "ep2d_bold_1.5mm_MB4_HCP_AP_CMRR_3TE_1.5mm",
	"ScanningSequence": "EP",
	"SequenceVariant": "SK\\SS",
	"ScanOptions": "FS\\EXT",
	"SequenceName": "epfid2d3_102",
	"ImageType": ["ORIGINAL", "PRIMARY", "M", "TE3", "ND", "MOSAIC"],
	"SeriesNumber": 5,
	"AcquisitionTime": "14:37:10.002500",
	"AcquisitionNumber": 1,
	"ImageComments": "Single-band reference",
	"SliceThickness": 1.5,
	"SpacingBetweenSlices": 1.5,
	"SAR": 0.169871,
	"EchoNumber": 3,
	"EchoTime": 0.05254,
	"RepetitionTime": 2.1,
	"FlipAngle": 70,
	"PartialFourier": 1,
	"BaseResolution": 100,
	"ShimSetting": [
		174,
		-92,
		534,
		100,
		-9,
		-86,
		124,
		-77	],
	"TxRefAmp": 249.948,
	"PhaseResolution": 1,
	"ReceiveCoilName": "8Tx32Rx_Head",
	"CoilString": "AC",
	"PulseSequenceDetails": "%CustomerSeq%\\cmrr_mbep2d_bold",
	"WipMemBlock": "721eaff1-c759-4d3a-84bb-8fb92e02fae0||Sequence: R016 ve12u/SP01_R016a r/af3652dd; Apr  1 2021 14:05:17 by eja",
	"RefLinesPE": 42,
	"ConsistencyInfo": "N4_VE12U_LATEST_20181126",
	"PercentPhaseFOV": 102,
	"PercentSampling": 100,
	"EchoTrainLength": 33,
	"PhaseEncodingSteps": 100,
	"AcquisitionMatrixPE": 102,
	"ReconMatrixPE": 102,
	"BandwidthPerPixelPhaseEncode": 55.494,
	"ParallelReductionFactorInPlane": 3,
	"EffectiveEchoSpacing": 0.000176666,
	"DerivedVendorReportedEchoSpacing": 0.000529999,
	"TotalReadoutTime": 0.0178433,
	"PixelBandwidth": 2380,
	"DwellTime": 2.1e-06,
	"PhaseEncodingDirection": "j",
	"SliceTiming": [
		0,
		0.0825,
		0.1675,
		0.25,
		0.335,
		0.42,
		0.5025,
		0.5875,
		0.67,
		0.755,
		0.84,
		0.9225,
		1.0075,
		1.09,
		1.175,
		1.26,
		1.3425,
		1.4275,
		1.51,
		1.595,
		1.68,
		1.7625,
		1.8475,
		1.93,
		2.015,
		2.1,
		2.1825,
		2.2675,
		2.35,
		2.435,
		2.52,
		2.6025,
		2.6875,
		2.77,
		2.855,
		2.9375,
		3.0225,
		3.1075,
		3.19,
		3.275,
		3.3575,
		3.4425,
		3.5275,
		3.61,
		3.695,
		3.7775,
		3.8625,
		3.9475,
		4.03,
		4.115,
		4.1975,
		4.2825,
		4.3675,
		4.45,
		4.535,
		4.6175,
		4.7025,
		4.7875,
		4.87,
		4.955,
		5.0375,
		5.1225,
		5.2075,
		5.29,
		5.375,
		5.4575,
		5.5425,
		5.6275,
		5.71,
		5.795,
		5.8775,
		5.9625,
		6.0475,
		6.13,
		6.215,
		6.2975,
		6.3825,
		6.4675,
		6.55,
		6.635,
		6.7175,
		6.8025,
		6.8875,
		6.97,
		7.055,
		7.1375,
		7.2225,
		7.305,
		7.39,
		7.475,
		7.5575,
		7.6425,
		7.725,
		7.81,
		7.895,
		7.9775,
		8.0625,
		8.145,
		8.23,
		8.315	],
	"ImageOrientationPatientDICOM": [
		1,
		0,
		0,
		0,
		0.998719,
		-0.0505929	],
	"InPlanePhaseEncodingDirectionDICOM": "COL",
	"ConversionSoftware": "dcm2niix",
	"ConversionSoftwareVersion": "v1.0.20210317"
}
