{
	"Modality": "MR",
	"MagneticFieldStrength": 7,
	"ImagingFrequency": 297.03,
	"Manufacturer": "Siemens",
	"ManufacturersModelName": "Investigational_Device_7T",
	"InstitutionName": "USC Neuroimaging",
	"DeviceSerialNumber": "4r5jwirZJCwI",
	"BodyPartExamined": "BRAIN",
	"PatientPosition": "HFS",
	"SoftwareVersions": "syngo MR E12",
	"MRAcquisitionType": "3D",
	"SeriesDescription": "t1_mp2rage_sag_p3_0.75mm_INV2",
	"ProtocolName": "t1_mp2rage_sag_p3_0.75mm",
	"ScanningSequence": "GR\\IR",
	"SequenceVariant": "SK\\SP\\MP",
	"ScanOptions": "IR\\WE",
	"SequenceName": "*tfl3d1_16ns",
	"ImageType": ["ORIGINAL", "PRIMARY", "M", "ND"],
	"SeriesNumber": 3,
	"AcquisitionTime": "16:23:1.857500",
	"AcquisitionNumber": 1,
	"SliceThickness": 0.75,
	"SAR": 0.0898891,
	"EchoTime": 0.00227,
	"RepetitionTime": 4.3,
	"InversionTime": 3.2,
	"FlipAngle": 4,
	"PartialFourier": 1,
	"BaseResolution": 320,
	"ShimSetting": [
		75,
		-121,
		553,
		175,
		19,
		-564,
		161,
		-76	],
	"TxRefAmp": 258.635,
	"PhaseResolution": 1,
	"ReceiveCoilName": "8Tx32Rx_Head",
	"PulseSequenceDetails": "%SiemensSeq%\\tfl",
	"RefLinesPE": 36,
	"ConsistencyInfo": "N4_VE12U_LATEST_20181126",
	"PercentPhaseFOV": 93.75,
	"PercentSampling": 100,
	"PhaseEncodingSteps": 298,
	"AcquisitionMatrixPE": 300,
	"ReconMatrixPE": 300,
	"ParallelReductionFactorInPlane": 3,
	"PixelBandwidth": 200,
	"DwellTime": 7.8e-06,
	"ImageOrientationPatientDICOM": [
		-0.050593,
		0.998719,
		0,
		0,
		0,
		-1	],
	"InPlanePhaseEncodingDirectionDICOM": "ROW",
	"ConversionSoftware": "dcm2niix",
	"ConversionSoftwareVersion": "v1.0.20210317"
}
