{
	"Modality": "MR",
	"MagneticFieldStrength": 7,
	"ImagingFrequency": 296.964,
	"Manufacturer": "Siemens",
	"ManufacturersModelName": "Investigational_Device_7T",
	"InstitutionName": "USC Neuroimaging",
	"InstitutionalDepartmentName": "Department",
	"InstitutionAddress": "Zonal Ave 2025,Los Angeles,Los Angeles,US,90033",
	"DeviceSerialNumber": "79004",
	"StationName": "AWP79004",
	"BodyPartExamined": "BRAIN",
	"PatientPosition": "HFS",
	"ProcedureStepDescription": "MRS^Rizor_UCSB_Final",
	"SoftwareVersions": "syngo MR E12",
	"MRAcquisitionType": "2D",
	"SeriesDescription": "TR3000_TE60SpinEchoFieldMap_AP_CMRR",
	"ProtocolName": "TR3000_TE60SpinEchoFieldMap_AP_CMRR",
	"ScanningSequence": "EP",
	"SequenceVariant": "SK",
	"ScanOptions": "PFP",
	"SequenceName": "epse2d1_96",
	"ImageType": ["ORIGINAL", "PRIMARY", "M", "MB", "ND", "MOSAIC"],
	"SeriesNumber": 16,
	"AcquisitionTime": "15:42:50.212500",
	"AcquisitionNumber": 1,
	"ImageComments": "Unaliased MB5/PE4/LB",
	"SliceThickness": 1.5,
	"SpacingBetweenSlices": 1.5,
	"SAR": 0.0842595,
	"EchoTime": 0.06,
	"RepetitionTime": 3,
	"FlipAngle": 90,
	"PartialFourier": 0.875,
	"BaseResolution": 96,
	"ShimSetting": [
		172,
		-177,
		711,
		619,
		72,
		-433,
		428,
		-105	],
	"TxRefAmp": 249.907,
	"PhaseResolution": 1,
	"ReceiveCoilName": "8Tx32Rx_Head",
	"CoilString": "AC",
	"PulseSequenceDetails": "%CustomerSeq%\\cmrr_mbep2d_se",
	"WipMemBlock": "69ea0f32-800f-4c18-b907-ea36735a3758||Sequence: R016 ve12u/SP01_R016a r/af3652dd; Apr  1 2021 14:29:52 by eja",
	"RefLinesPE": 24,
	"ConsistencyInfo": "N4_VE12U_LATEST_20181126",
	"MultibandAccelerationFactor": 5,
	"PercentPhaseFOV": 100,
	"PercentSampling": 100,
	"EchoTrainLength": 41,
	"PhaseEncodingSteps": 83,
	"AcquisitionMatrixPE": 96,
	"ReconMatrixPE": 96,
	"BandwidthPerPixelPhaseEncode": 33.602,
	"ParallelReductionFactorInPlane": 2,
	"EffectiveEchoSpacing": 0.000310001,
	"DerivedVendorReportedEchoSpacing": 0.000620003,
	"TotalReadoutTime": 0.0294501,
	"PixelBandwidth": 1930,
	"DwellTime": 2.7e-06,
	"PhaseEncodingDirection": "j-",
	"SliceTiming": [
		0,
		1.35,
		2.7,
		1.05,
		2.4,
		0.75,
		2.1,
		0.45,
		1.8,
		0.15,
		1.5,
		2.85,
		1.2,
		2.55,
		0.9,
		2.25,
		0.6,
		1.95,
		0.3,
		1.65,
		0,
		1.35,
		2.7,
		1.05,
		2.4,
		0.75,
		2.1,
		0.45,
		1.8,
		0.15,
		1.5,
		2.85,
		1.2,
		2.55,
		0.9,
		2.25,
		0.6,
		1.95,
		0.3,
		1.65,
		0,
		1.35,
		2.7,
		1.05,
		2.4,
		0.75,
		2.1,
		0.45,
		1.8,
		0.15,
		1.5,
		2.85,
		1.2,
		2.55,
		0.9,
		2.25,
		0.6,
		1.95,
		0.3,
		1.65,
		0,
		1.35,
		2.7,
		1.05,
		2.4,
		0.75,
		2.1,
		0.45,
		1.8,
		0.15,
		1.5,
		2.85,
		1.2,
		2.55,
		0.9,
		2.25,
		0.6,
		1.95,
		0.3,
		1.65,
		0,
		1.35,
		2.7,
		1.05,
		2.4,
		0.75,
		2.1,
		0.45,
		1.8,
		0.15,
		1.5,
		2.85,
		1.2,
		2.55,
		0.9,
		2.25,
		0.6,
		1.95,
		0.3,
		1.65	],
	"ImageOrientationPatientDICOM": [
		1,
		0,
		0,
		0,
		0.993572,
		-0.113203	],
	"InPlanePhaseEncodingDirectionDICOM": "COL",
	"ConversionSoftware": "dcm2niix",
	"ConversionSoftwareVersion": "v1.0.20210317"
}
