{
    "Modality": "MR",
    "MagneticFieldStrength": 7,
    "ImagingFrequency": 296.935,
    "Manufacturer": "Siemens",
    "ManufacturersModelName": "Investigational_Device_7T",
    "InstitutionName": "USC Neuroimaging",
    "DeviceSerialNumber": "4r5jwirZJCwI",
    "BodyPartExamined": "BRAIN",
    "PatientPosition": "HFS",
    "SoftwareVersions": "syngo MR E12",
    "MRAcquisitionType": "2D",
    "SeriesDescription": "ep2d_bold_1.5mm_MB4_HCP_AP_CMRR_3TE_1.5mm",
    "ProtocolName": "ep2d_bold_1.5mm_MB4_HCP_AP_CMRR_3TE_1.5mm",
    "ScanningSequence": "EP",
    "SequenceVariant": "SK\\SS",
    "ScanOptions": "FS\\EXT",
    "SequenceName": "epfid2d3_102",
    "ImageType": [
        "ORIGINAL",
        "PRIMARY",
        "M",
        "MB",
        "TE3",
        "ND",
        "MOSAIC"
    ],
    "SeriesNumber": 6,
    "AcquisitionTime": "14:46:29.207500",
    "AcquisitionNumber": 1,
    "SliceThickness": 1.5,
    "SpacingBetweenSlices": 1.5,
    "SAR": 0.0657662,
    "EchoNumber": 3,
    "EchoTime": 0.05326,
    "RepetitionTime": 2.1,
    "FlipAngle": 70,
    "PartialFourier": 1,
    "BaseResolution": 100,
    "ShimSetting": [
        133,
        -15,
        616,
        514,
        -91,
        118,
        232,
        -20
    ],
    "TxRefAmp": 258.818,
    "PhaseResolution": 1,
    "ReceiveCoilName": "8Tx32Rx_Head",
    "PulseSequenceDetails": "%CustomerSeq%\\cmrr_mbep2d_bold",
    "WipMemBlock": "9a6d7370-75f3-4767-8452-b817de3fb6c9||Sequence: R016 ve12u/SP01_R016a r/af3652dd; Apr  1 2021 14:05:17 by eja",
    "RefLinesPE": 42,
    "ConsistencyInfo": "N4_VE12U_LATEST_20181126",
    "MultibandAccelerationFactor": 4,
    "PercentPhaseFOV": 102,
    "PercentSampling": 100,
    "EchoTrainLength": 33,
    "PhaseEncodingSteps": 100,
    "AcquisitionMatrixPE": 102,
    "ReconMatrixPE": 102,
    "BandwidthPerPixelPhaseEncode": 54.466,
    "ParallelReductionFactorInPlane": 3,
    "EffectiveEchoSpacing": 0.000180001,
    "DerivedVendorReportedEchoSpacing": 0.000540002,
    "TotalReadoutTime": 0.0181801,
    "PixelBandwidth": 2380,
    "DwellTime": 2.1e-06,
    "PhaseEncodingDirection": "j",
    "SliceTiming": [
        0,
        1.1,
        0.1,
        1.2,
        0.2,
        1.3,
        0.3,
        1.3975,
        0.4,
        1.4975,
        0.5,
        1.5975,
        0.6,
        1.6975,
        0.7,
        1.7975,
        0.8,
        1.8975,
        0.9,
        1.9975,
        1,
        0,
        1.1,
        0.1,
        1.2,
        0.2,
        1.3,
        0.3,
        1.3975,
        0.4,
        1.4975,
        0.5,
        1.5975,
        0.6,
        1.6975,
        0.7,
        1.7975,
        0.8,
        1.8975,
        0.9,
        1.9975,
        1,
        0,
        1.1,
        0.1,
        1.2,
        0.2,
        1.3,
        0.3,
        1.3975,
        0.4,
        1.4975,
        0.5,
        1.5975,
        0.6,
        1.6975,
        0.7,
        1.7975,
        0.8,
        1.8975,
        0.9,
        1.9975,
        1,
        0,
        1.1,
        0.1,
        1.2,
        0.2,
        1.3,
        0.3,
        1.3975,
        0.4,
        1.4975,
        0.5,
        1.5975,
        0.6,
        1.6975,
        0.7,
        1.7975,
        0.8,
        1.8975,
        0.9,
        1.9975,
        1
    ],
    "ImageOrientationPatientDICOM": [
        1,
        0,
        0,
        0,
        0.981293,
        -0.192522
    ],
    "InPlanePhaseEncodingDirectionDICOM": "COL",
    "ConversionSoftware": "dcm2niix",
    "ConversionSoftwareVersion": "v1.0.20210317",
    "TaskName": "highresFC"
}