{
	"Modality": "MR",
	"MagneticFieldStrength": 7,
	"ImagingFrequency": 297.03,
	"Manufacturer": "Siemens",
	"ManufacturersModelName": "Investigational_Device_7T",
	"InstitutionName": "USC Neuroimaging",
	"DeviceSerialNumber": "4r5jwirZJCwI",
	"BodyPartExamined": "BRAIN",
	"PatientPosition": "HFS",
	"SoftwareVersions": "syngo MR E12",
	"MRAcquisitionType": "2D",
	"SeriesDescription": "TR3000_TE60SpinEchoFieldMap_PA_CMRR",
	"ProtocolName": "TR3000_TE60SpinEchoFieldMap_PA_CMRR",
	"ScanningSequence": "EP",
	"SequenceVariant": "SK",
	"ScanOptions": "PFP",
	"SequenceName": "epse2d1_96",
	"ImageType": ["ORIGINAL", "PRIMARY", "M", "MB", "ND", "MOSAIC"],
	"SeriesNumber": 12,
	"AcquisitionTime": "16:47:28.355000",
	"AcquisitionNumber": 1,
	"SliceThickness": 1.5,
	"SpacingBetweenSlices": 1.5,
	"SAR": 0.0627935,
	"EchoTime": 0.06,
	"RepetitionTime": 3,
	"FlipAngle": 90,
	"PartialFourier": 0.875,
	"BaseResolution": 96,
	"ShimSetting": [
		89,
		-143,
		667,
		264,
		65,
		-610,
		538,
		-28	],
	"TxRefAmp": 258.635,
	"PhaseResolution": 1,
	"ReceiveCoilName": "8Tx32Rx_Head",
	"PulseSequenceDetails": "%CustomerSeq%\\cmrr_mbep2d_se",
	"WipMemBlock": "825a34bc-a39e-4528-8215-072bb637cdb3||Sequence: R016 ve12u/SP01_R016a r/af3652dd; Apr  1 2021 14:29:52 by eja",
	"RefLinesPE": 24,
	"ConsistencyInfo": "N4_VE12U_LATEST_20181126",
	"MultibandAccelerationFactor": 5,
	"PercentPhaseFOV": 100,
	"PercentSampling": 100,
	"EchoTrainLength": 41,
	"PhaseEncodingSteps": 83,
	"AcquisitionMatrixPE": 96,
	"ReconMatrixPE": 96,
	"BandwidthPerPixelPhaseEncode": 33.602,
	"ParallelReductionFactorInPlane": 2,
	"EffectiveEchoSpacing": 0.000310001,
	"DerivedVendorReportedEchoSpacing": 0.000620003,
	"TotalReadoutTime": 0.0294501,
	"PixelBandwidth": 1930,
	"DwellTime": 2.7e-06,
	"PhaseEncodingDirection": "j",
	"SliceTiming": [
		0,
		1.3475,
		2.6975,
		1.0475,
		2.3975,
		0.7475,
		2.0975,
		0.45,
		1.7975,
		0.15,
		1.4975,
		2.8475,
		1.1975,
		2.5475,
		0.8975,
		2.2475,
		0.5975,
		1.9475,
		0.3,
		1.6475,
		0,
		1.3475,
		2.6975,
		1.0475,
		2.3975,
		0.7475,
		2.0975,
		0.45,
		1.7975,
		0.15,
		1.4975,
		2.8475,
		1.1975,
		2.5475,
		0.8975,
		2.2475,
		0.5975,
		1.9475,
		0.3,
		1.6475,
		0,
		1.3475,
		2.6975,
		1.0475,
		2.3975,
		0.7475,
		2.0975,
		0.45,
		1.7975,
		0.15,
		1.4975,
		2.8475,
		1.1975,
		2.5475,
		0.8975,
		2.2475,
		0.5975,
		1.9475,
		0.3,
		1.6475,
		0,
		1.3475,
		2.6975,
		1.0475,
		2.3975,
		0.7475,
		2.0975,
		0.45,
		1.7975,
		0.15,
		1.4975,
		2.8475,
		1.1975,
		2.5475,
		0.8975,
		2.2475,
		0.5975,
		1.9475,
		0.3,
		1.6475,
		0,
		1.3475,
		2.6975,
		1.0475,
		2.3975,
		0.7475,
		2.0975,
		0.45,
		1.7975,
		0.15,
		1.4975,
		2.8475,
		1.1975,
		2.5475,
		0.8975,
		2.2475,
		0.5975,
		1.9475,
		0.3,
		1.6475	],
	"ImageOrientationPatientDICOM": [
		1,
		0,
		-1.129e-12,
		0,
		1,
		2.53e-13	],
	"InPlanePhaseEncodingDirectionDICOM": "COL",
	"ConversionSoftware": "dcm2niix",
	"ConversionSoftwareVersion": "v1.0.20210317"
}
