{
	"Modality": "MR",
	"MagneticFieldStrength": 7,
	"ImagingFrequency": 296.936,
	"Manufacturer": "Siemens",
	"ManufacturersModelName": "Investigational_Device_7T",
	"InstitutionName": "USC Neuroimaging",
	"DeviceSerialNumber": "4r5jwirZJCwI",
	"BodyPartExamined": "BRAIN",
	"PatientPosition": "HFS",
	"SoftwareVersions": "syngo MR E12",
	"MRAcquisitionType": "2D",
	"SeriesDescription": "ep2d_bold_1.5mm_MB4_HCP_AP_CMRR_3TE_1.5mm_SBRef",
	"ProtocolName": "ep2d_bold_1.5mm_MB4_HCP_AP_CMRR_3TE_1.5mm",
	"ScanningSequence": "EP",
	"SequenceVariant": "SK\\SS",
	"ScanOptions": "FS\\EXT",
	"SequenceName": "epfid2d3_102",
	"ImageType": ["ORIGINAL", "PRIMARY", "M", "TE2", "ND", "MOSAIC"],
	"SeriesNumber": 5,
	"AcquisitionTime": "12:26:28.820000",
	"AcquisitionNumber": 1,
	"SliceThickness": 1.5,
	"SpacingBetweenSlices": 1.5,
	"SAR": 0.122239,
	"EchoNumber": 2,
	"EchoTime": 0.03423,
	"RepetitionTime": 2.1,
	"FlipAngle": 70,
	"PartialFourier": 1,
	"BaseResolution": 100,
	"ShimSetting": [
		178,
		-50,
		610,
		91,
		3,
		142,
		274,
		-50	],
	"TxRefAmp": 247.773,
	"PhaseResolution": 1,
	"ReceiveCoilName": "8Tx32Rx_Head",
	"PulseSequenceDetails": "%CustomerSeq%\\cmrr_mbep2d_bold",
	"WipMemBlock": "87e64022-60c5-4da2-bb93-f37c7bc2b4fb||Sequence: R016 ve12u/SP01_R016a r/af3652dd; Apr  1 2021 14:05:17 by eja",
	"RefLinesPE": 42,
	"ConsistencyInfo": "N4_VE12U_LATEST_20181126",
	"PercentPhaseFOV": 102,
	"PercentSampling": 100,
	"EchoTrainLength": 33,
	"PhaseEncodingSteps": 100,
	"AcquisitionMatrixPE": 102,
	"ReconMatrixPE": 102,
	"BandwidthPerPixelPhaseEncode": 54.466,
	"ParallelReductionFactorInPlane": 3,
	"EffectiveEchoSpacing": 0.000180001,
	"DerivedVendorReportedEchoSpacing": 0.000540002,
	"TotalReadoutTime": 0.0181801,
	"PixelBandwidth": 2380,
	"DwellTime": 2.1e-06,
	"PhaseEncodingDirection": "j",
	"SliceTiming": [
		0,
		0.1,
		0.2,
		0.3,
		0.4,
		0.5,
		0.6,
		0.7,
		0.8,
		0.9,
		1,
		1.1,
		1.2,
		1.3,
		1.4,
		1.5,
		1.6,
		1.7,
		1.8,
		1.9,
		2,
		2.1,
		2.2,
		2.3,
		2.4,
		2.5,
		2.6,
		2.7,
		2.8,
		2.9,
		3,
		3.1,
		3.2,
		3.3,
		3.3975,
		3.4975,
		3.5975,
		3.6975,
		3.7975,
		3.8975,
		3.9975,
		4.0975,
		4.1975,
		4.2975,
		4.3975,
		4.4975,
		4.5975,
		4.6975,
		4.7975,
		4.8975,
		4.9975,
		5.0975,
		5.1975,
		5.2975,
		5.3975,
		5.4975,
		5.5975,
		5.6975,
		5.7975,
		5.8975,
		5.9975,
		6.0975,
		6.1975,
		6.2975,
		6.3975,
		6.4975,
		6.5975,
		6.6975,
		6.7975,
		6.8975,
		6.9975,
		7.0975,
		7.1975,
		7.2975,
		7.3975,
		7.4975,
		7.5975,
		7.6975,
		7.7975,
		7.8975,
		7.9975,
		8.0975,
		8.1975,
		8.2975	],
	"ImageOrientationPatientDICOM": [
		1,
		0,
		0,
		0,
		1,
		0	],
	"InPlanePhaseEncodingDirectionDICOM": "COL",
	"ConversionSoftware": "dcm2niix",
	"ConversionSoftwareVersion": "v1.0.20210317"
}
