{
    "Modality": "MR",
    "MagneticFieldStrength": 7,
    "ImagingFrequency": 296.936,
    "Manufacturer": "Siemens",
    "ManufacturersModelName": "Investigational_Device_7T",
    "InstitutionName": "USC Neuroimaging",
    "DeviceSerialNumber": "4r5jwirZJCwI",
    "BodyPartExamined": "BRAIN",
    "PatientPosition": "HFS",
    "SoftwareVersions": "syngo MR E12",
    "MRAcquisitionType": "2D",
    "SeriesDescription": "ep2d_bold_1.5mm_MB4_HCP_AP_CMRR_3TE_1.5mm",
    "ProtocolName": "ep2d_bold_1.5mm_MB4_HCP_AP_CMRR_3TE_1.5mm",
    "ScanningSequence": "EP",
    "SequenceVariant": "SK\\SS",
    "ScanOptions": "FS\\EXT",
    "SequenceName": "epfid2d3_102",
    "ImageType": [
        "ORIGINAL",
        "PRIMARY",
        "M",
        "MB",
        "TE2",
        "ND",
        "MOSAIC"
    ],
    "SeriesNumber": 6,
    "AcquisitionTime": "12:26:41.420000",
    "AcquisitionNumber": 1,
    "SliceThickness": 1.5,
    "SpacingBetweenSlices": 1.5,
    "SAR": 0.122239,
    "EchoNumber": 2,
    "EchoTime": 0.03423,
    "RepetitionTime": 2.1,
    "FlipAngle": 70,
    "PartialFourier": 1,
    "BaseResolution": 100,
    "ShimSetting": [
        178,
        -50,
        610,
        91,
        3,
        142,
        274,
        -50
    ],
    "TxRefAmp": 247.773,
    "PhaseResolution": 1,
    "ReceiveCoilName": "8Tx32Rx_Head",
    "PulseSequenceDetails": "%CustomerSeq%\\cmrr_mbep2d_bold",
    "WipMemBlock": "87e64022-60c5-4da2-bb93-f37c7bc2b4fb||Sequence: R016 ve12u/SP01_R016a r/af3652dd; Apr  1 2021 14:05:17 by eja",
    "RefLinesPE": 42,
    "ConsistencyInfo": "N4_VE12U_LATEST_20181126",
    "MultibandAccelerationFactor": 4,
    "PercentPhaseFOV": 102,
    "PercentSampling": 100,
    "EchoTrainLength": 33,
    "PhaseEncodingSteps": 100,
    "AcquisitionMatrixPE": 102,
    "ReconMatrixPE": 102,
    "BandwidthPerPixelPhaseEncode": 54.466,
    "ParallelReductionFactorInPlane": 3,
    "EffectiveEchoSpacing": 0.000180001,
    "DerivedVendorReportedEchoSpacing": 0.000540002,
    "TotalReadoutTime": 0.0181801,
    "PixelBandwidth": 2380,
    "DwellTime": 2.1e-06,
    "PhaseEncodingDirection": "j",
    "SliceTiming": [
        0,
        1.1,
        0.1,
        1.2,
        0.2,
        1.3,
        0.3,
        1.4,
        0.4,
        1.5,
        0.5,
        1.6,
        0.6,
        1.7,
        0.7,
        1.8,
        0.8,
        1.9,
        0.9,
        2,
        1,
        0,
        1.1,
        0.1,
        1.2,
        0.2,
        1.3,
        0.3,
        1.4,
        0.4,
        1.5,
        0.5,
        1.6,
        0.6,
        1.7,
        0.7,
        1.8,
        0.8,
        1.9,
        0.9,
        2,
        1,
        0,
        1.1,
        0.1,
        1.2,
        0.2,
        1.3,
        0.3,
        1.4,
        0.4,
        1.5,
        0.5,
        1.6,
        0.6,
        1.7,
        0.7,
        1.8,
        0.8,
        1.9,
        0.9,
        2,
        1,
        0,
        1.1,
        0.1,
        1.2,
        0.2,
        1.3,
        0.3,
        1.4,
        0.4,
        1.5,
        0.5,
        1.6,
        0.6,
        1.7,
        0.7,
        1.8,
        0.8,
        1.9,
        0.9,
        2,
        1
    ],
    "ImageOrientationPatientDICOM": [
        1,
        0,
        0,
        0,
        1,
        0
    ],
    "InPlanePhaseEncodingDirectionDICOM": "COL",
    "ConversionSoftware": "dcm2niix",
    "ConversionSoftwareVersion": "v1.0.20210317",
    "TaskName": "highresFC"
}